GEM
  remote: https://rubygems.org/
  specs:
    diff-lcs (1.6.2)
    json (2.7.6)
    nokogiri (1.13.10-arm64-darwin)
      racc (~> 1.4)
    racc (1.8.1)
    rspec (3.13.1)
      rspec-core (~> 3.13.0)
      rspec-expectations (~> 3.13.0)
      rspec-mocks (~> 3.13.0)
    rspec-core (3.13.5)
      rspec-support (~> 3.13.0)
    rspec-expectations (3.13.5)
      diff-lcs (>= 1.2.0, < 2.0)
      rspec-support (~> 3.13.0)
    rspec-mocks (3.13.5)
      diff-lcs (>= 1.2.0, < 2.0)
      rspec-support (~> 3.13.0)
    rspec-support (3.13.6)

PLATFORMS
  arm64-darwin-24

DEPENDENCIES
  json
  nokogiri (~> 1.13)
  rspec (~> 3.11)

BUNDLED WITH
   2.4.3
